GIT
  remote: https://github.com/7a6163/capose.git
  revision: 75b16c1dbd464a8c2cd3b395c722e41a85c66eff
  specs:
    capose (0.3.0)
      capistrano (~> 3.7)

GEM
  remote: https://rubygems.org/
  specs:
    airbrussh (1.4.0)
      sshkit (>= 1.6.1, != 1.7.0)
    bcrypt_pbkdf (1.1.0)
    capistrano (3.16.0)
      airbrussh (>= 1.0.0)
      i18n
      rake (>= 10.0.0)
      sshkit (>= 1.9.0)
    capistrano-bundler (2.0.1)
      capistrano (~> 3.1)
    capistrano-local-precompile (1.2.0)
      capistrano (>= 3.8)
    capistrano-passenger (0.2.1)
      capistrano (~> 3.0)
    capistrano-rails (1.6.1)
      capistrano (~> 3.1)
      capistrano-bundler (>= 1.1, < 3)
    capistrano-resque (0.2.3)
      capistrano
      resque
      resque-scheduler
    capistrano-rvm (0.1.2)
      capistrano (~> 3.0)
      sshkit (~> 1.2)
    capistrano3-puma (5.0.4)
      capistrano (~> 3.7)
      capistrano-bundler
      puma (>= 4.0, < 6.0)
    chronic (0.10.2)
    concurrent-ruby (1.1.9)
    ed25519 (1.2.4)
    et-orbi (1.2.6)
      tzinfo
    fugit (1.5.2)
      et-orbi (~> 1.1, >= 1.1.8)
      raabro (~> 1.4)
    i18n (1.10.0)
      concurrent-ruby (~> 1.0)
    mono_logger (1.1.1)
    multi_json (1.15.0)
    mustermann (1.1.1)
      ruby2_keywords (~> 0.0.1)
    net-scp (3.0.0)
      net-ssh (>= 2.6.5, < 7.0.0)
    net-ssh (6.1.0)
    nio4r (2.5.8)
    puma (5.6.2)
      nio4r (~> 2.0)
    raabro (1.4.0)
    rack (2.2.3)
    rack-protection (2.2.0)
      rack
    rake (13.0.6)
    redis (4.6.0)
    redis-namespace (1.8.1)
      redis (>= 3.0.4)
    resque (2.2.0)
      mono_logger (~> 1.0)
      multi_json (~> 1.0)
      redis-namespace (~> 1.6)
      sinatra (>= 0.9.2)
      vegas (~> 0.1.2)
    resque-scheduler (4.5.0)
      mono_logger (~> 1.0)
      redis (>= 3.3)
      resque (>= 1.27)
      rufus-scheduler (~> 3.2, < 3.7)
    ruby2_keywords (0.0.5)
    rufus-scheduler (3.6.0)
      fugit (~> 1.1, >= 1.1.6)
    sinatra (2.2.0)
      mustermann (~> 1.0)
      rack (~> 2.2)
      rack-protection (= 2.2.0)
      tilt (~> 2.0)
    sshkit (1.21.2)
      net-scp (>= 1.1.2)
      net-ssh (>= 2.8.0)
    tilt (2.0.10)
    tzinfo (2.0.4)
      concurrent-ruby (~> 1.0)
    vegas (0.1.11)
      rack (>= 1.0.0)
    whenever (1.0.0)
      chronic (>= 0.6.3)

PLATFORMS
  ruby

DEPENDENCIES
  bcrypt_pbkdf (~> 1.1.0)
  capistrano (= 3.16.0)
  capistrano-bundler (~> 2.0.1)
  capistrano-local-precompile (~> 1.2.0)
  capistrano-passenger (~> 0.2.0)
  capistrano-rails (~> 1.6.1)
  capistrano-resque (~> 0.2.3)
  capistrano-rvm (~> 0.1.2)
  capistrano3-puma (~> 5.0.4)
  capose!
  ed25519 (~> 1.2.4)
  whenever (~> 1.0.0)

BUNDLED WITH
   2.3.7
